GEM
  specs:
    ansi (1.4.3)
    builder (3.2.2)
    diff-lcs (1.2.4)
    hashie (2.0.5)
    minitest (4.3.2)
    minitest-reporters (0.14.22)
      ansi
      builder
      minitest (>= 2.12, < 5.0)
      powerbar
    powerbar (1.0.11)
      ansi (~> 1.4.0)
      hashie (>= 1.1.0)
    rspec (2.14.1)
      rspec-core (~> 2.14.0)
      rspec-expectations (~> 2.14.0)
      rspec-mocks (~> 2.14.0)
    rspec-core (2.14.5)
    rspec-expectations (2.14.3)
      diff-lcs (>= 1.1.3, < 2.0)
    rspec-mocks (2.14.3)

PLATFORMS
  ruby

DEPENDENCIES
  minitest
  minitest-reporters
  rspec
